GIT
  remote: https://github.com/pathawks/jekyll-commonmark.git
  revision: bcac00e555097a1ca737d9d6f837d9a4feaa1ef4
  specs:
    jekyll-commonmark (1.4.0)
      commonmarker (~> 0.23.4)

GEM
  remote: https://rubygems.org/
  specs:
    commonmarker (0.23.7)
    jekyll-paginate (1.1.0)

PLATFORMS
  ruby

DEPENDENCIES
  jekyll-commonmark!
  jekyll-paginate

BUNDLED WITH
   1.14.0
